GEM
  remote: https://ruby.taobao.org/
  specs:
    blankslate (2.1.2.4)
    parslet (1.6.1)
      blankslate (~> 2.0)
    rubytest (0.8.1)
    test (1.0.0)
      rubytest

PLATFORMS
  ruby

DEPENDENCIES
  parslet
  test
